PATH
  remote: .
  specs:
    logstash-input-beats (2.1.3)
      concurrent-ruby (~> 0.9.2)
      logstash-codec-multiline (~> 2.0.5)
      logstash-codec-plain
      logstash-core (>= 2.0.0, < 3.0.0)
      thread_safe (~> 0.3.5)

GEM
  remote: https://rubygems.org/
  specs:
    cabin (0.7.2)
    clamp (0.6.5)
    coderay (1.1.1)
    concurrent-ruby (0.9.2-java)
    diff-lcs (1.2.5)
    ffi (1.9.10-java)
    filesize (0.0.4)
    flores (0.0.6)
    gem_publisher (1.5.0)
    gems (0.8.3)
    i18n (0.6.9)
    insist (1.0.0)
    jls-grok (0.11.2)
      cabin (>= 0.6.0)
    jrjackson (0.3.8)
    jruby-openssl (0.9.13-java)
    kramdown (1.9.0)
    logstash-codec-json (2.1.0)
      logstash-core (>= 2.0.0.beta2, < 3.0.0)
    logstash-codec-multiline (2.0.9)
      jls-grok (~> 0.11.1)
      logstash-core (>= 2.0.0, < 3.0.0)
      logstash-patterns-core
    logstash-codec-plain (2.0.2)
      logstash-core (>= 2.0.0.beta2, < 3.0.0)
    logstash-core (2.2.2-java)
      cabin (~> 0.7.0)
      clamp (~> 0.6.5)
      concurrent-ruby (= 0.9.2)
      filesize (= 0.0.4)
      gems (~> 0.8.3)
      i18n (= 0.6.9)
      jrjackson (~> 0.3.7)
      jruby-openssl (= 0.9.13)
      logstash-core-event (~> 2.2.2)
      minitar (~> 0.5.4)
      pry (~> 0.10.1)
      rubyzip (~> 1.1.7)
      stud (~> 0.0.19)
      thread_safe (~> 0.3.5)
      treetop (< 1.5.0)
    logstash-core-event (2.2.2-java)
    logstash-devutils (0.0.18-java)
      gem_publisher
      insist (= 1.0.0)
      kramdown
      minitar
      rake
      rspec (~> 3.1.0)
      rspec-wait
      stud (>= 0.0.20)
    logstash-patterns-core (2.0.2)
      logstash-core (>= 2.0.0.beta2, < 3.0.0)
    method_source (0.8.2)
    minitar (0.5.4)
    polyglot (0.3.5)
    pry (0.10.3-java)
      coderay (~> 1.1.0)
      method_source (~> 0.8.1)
      slop (~> 3.4)
      spoon (~> 0.0)
    rake (10.5.0)
    rspec (3.1.0)
      rspec-core (~> 3.1.0)
      rspec-expectations (~> 3.1.0)
      rspec-mocks (~> 3.1.0)
    rspec-core (3.1.7)
      rspec-support (~> 3.1.0)
    rspec-expectations (3.1.2)
      diff-lcs (>= 1.2.0, < 2.0)
      rspec-support (~> 3.1.0)
    rspec-mocks (3.1.3)
      rspec-support (~> 3.1.0)
    rspec-support (3.1.2)
    rspec-wait (0.0.8)
      rspec (>= 2.11, < 3.5)
    rubyzip (1.1.7)
    slop (3.6.0)
    spoon (0.0.4)
      ffi
    stud (0.0.22)
    thread_safe (0.3.5-java)
    treetop (1.4.15)
      polyglot
      polyglot (>= 0.3.1)

PLATFORMS
  java

DEPENDENCIES
  flores (~> 0.0.6)
  logstash-codec-json
  logstash-devutils (~> 0.0.18)
  logstash-input-beats!
  pry
  rspec
  rspec-wait
  stud

BUNDLED WITH
   1.11.2
